GEM
  remote: https://rubygems.org/
  specs:
    chunky_png (1.2.8)
    compass (0.12.2)
      chunky_png (~> 1.2)
      fssm (>= 0.2.7)
      sass (~> 3.1)
    fssm (0.2.10)
    ggake (0.1.0)
      rake
    haml (4.0.3)
      tilt
    rake (10.1.0)
    sass (3.2.10)
    susy (1.0.9)
      compass (>= 0.12.2)
      sass (>= 3.2.0)
    tilt (1.4.1)

PLATFORMS
  ruby

DEPENDENCIES
  compass
  ggake
  haml
  rake
  susy
